GEM
  remote: https://rubygems.org/
  specs:
    activemodel (5.2.8.1)
      activesupport (= 5.2.8.1)
    activerecord (5.2.8.1)
      activemodel (= 5.2.8.1)
      activesupport (= 5.2.8.1)
      arel (>= 9.0)
    activesupport (5.2.8.1)
      concurrent-ruby (~> 1.0, >= 1.0.2)
      i18n (>= 0.7, < 2)
      minitest (~> 5.1)
      tzinfo (~> 1.1)
    arel (9.0.0)
    builder (3.2.4)
    colorize (0.8.1)
    concurrent-ruby (1.2.2)
    diff-lcs (1.5.0)
    docile (1.4.0)
    factory_girl (4.9.0)
      activesupport (>= 3.0.0)
    i18n (1.12.0)
      concurrent-ruby (~> 1.0)
    json (2.6.3)
    memoist (0.16.2)
    minitest (5.18.0)
    mysql2 (0.4.10)
    nokogiri (1.14.3-x86_64-linux)
      racc (~> 1.4)
    nori (2.6.0)
    power_assert (2.0.3)
    proiel (1.3.1)
      builder
      json
      memoist
      nokogiri
      sax-machine
    racc (1.6.2)
    rspec (3.12.0)
      rspec-core (~> 3.12.0)
      rspec-expectations (~> 3.12.0)
      rspec-mocks (~> 3.12.0)
    rspec-core (3.12.1)
      rspec-support (~> 3.12.0)
    rspec-expectations (3.12.2)
      diff-lcs (>= 1.2.0, < 2.0)
      rspec-support (~> 3.12.0)
    rspec-mocks (3.12.5)
      diff-lcs (>= 1.2.0, < 2.0)
      rspec-support (~> 3.12.0)
    rspec-support (3.12.0)
    sax-machine (1.3.2)
    simplecov (0.22.0)
      docile (~> 1.1)
      simplecov-html (~> 0.11)
      simplecov_json_formatter (~> 0.1)
    simplecov-html (0.12.3)
    simplecov_json_formatter (0.1.4)
    sqlite3 (1.6.2-x86_64-linux)
    test-unit (3.5.7)
      power_assert
    thread_safe (0.3.6)
    tzinfo (1.2.11)
      thread_safe (~> 0.1)
    unicode (0.4.4.4)

PLATFORMS
  x86_64-linux

DEPENDENCIES
  activerecord (~> 5.2.0)
  builder
  colorize
  factory_girl
  mysql2 (~> 0.4.0)
  nokogiri
  nori
  proiel
  rspec
  simplecov
  sqlite3
  test-unit
  tzinfo
  unicode

BUNDLED WITH
   2.4.11
