GEM
  remote: https://rubygems.org/
  specs:
    activemodel (5.2.4.1)
      activesupport (= 5.2.4.1)
    activerecord (5.2.4.1)
      activemodel (= 5.2.4.1)
      activesupport (= 5.2.4.1)
      arel (>= 9.0)
    activesupport (5.2.4.1)
      concurrent-ruby (~> 1.0, >= 1.0.2)
      i18n (>= 0.7, < 2)
      minitest (~> 5.1)
      tzinfo (~> 1.1)
    arel (9.0.0)
    builder (3.2.4)
    colorize (0.8.1)
    concurrent-ruby (1.1.6)
    diff-lcs (1.3)
    docile (1.3.2)
    factory_girl (4.9.0)
      activesupport (>= 3.0.0)
    i18n (1.8.2)
      concurrent-ruby (~> 1.0)
    json (2.3.0)
    memoist (0.16.2)
    mini_portile2 (2.4.0)
    minitest (5.14.0)
    mysql2 (0.4.10)
    nokogiri (1.10.9)
      mini_portile2 (~> 2.4.0)
    nori (2.6.0)
    power_assert (1.1.6)
    proiel (1.3.0)
      builder (~> 3.2)
      json (~> 2.0)
      memoist (~> 0.16)
      nokogiri (~> 1.8)
      sax-machine (~> 1.3)
    rspec (3.9.0)
      rspec-core (~> 3.9.0)
      rspec-expectations (~> 3.9.0)
      rspec-mocks (~> 3.9.0)
    rspec-core (3.9.1)
      rspec-support (~> 3.9.1)
    rspec-expectations (3.9.1)
      diff-lcs (>= 1.2.0, < 2.0)
      rspec-support (~> 3.9.0)
    rspec-mocks (3.9.1)
      diff-lcs (>= 1.2.0, < 2.0)
      rspec-support (~> 3.9.0)
    rspec-support (3.9.2)
    sax-machine (1.3.2)
    simplecov (0.18.5)
      docile (~> 1.1)
      simplecov-html (~> 0.11)
    simplecov-html (0.12.2)
    sqlite3 (1.4.2)
    test-unit (3.3.5)
      power_assert
    thread_safe (0.3.6)
    tzinfo (1.2.6)
      thread_safe (~> 0.1)
    unicode (0.4.4.4)

PLATFORMS
  ruby

DEPENDENCIES
  activerecord (~> 5.2.0)
  builder
  colorize
  factory_girl
  mysql2 (~> 0.4.0)
  nokogiri
  nori
  proiel
  rspec
  simplecov
  sqlite3
  test-unit
  tzinfo
  unicode

BUNDLED WITH
   2.1.4
